PATH
  remote: .
  specs:
    ledgerjournal (0.5.1)
      nokogiri (~> 1.10)
      open4 (~> 1.3)

GEM
  remote: https://rubygems.org/
  specs:
    docile (1.3.2)
    mini_portile2 (2.4.0)
    minitest (5.14.0)
    nokogiri (1.10.9)
      mini_portile2 (~> 2.4.0)
    open4 (1.3.4)
    rake (12.3.3)
    simplecov (0.18.5)
      docile (~> 1.1)
      simplecov-html (~> 0.11)
    simplecov-html (0.12.2)

PLATFORMS
  ruby

DEPENDENCIES
  ledgerjournal!
  minitest (~> 5.0)
  rake (~> 12.0)
  simplecov

BUNDLED WITH
   2.1.4
